GEM
  remote: https://rubygems.org/
  specs:
    prometheus-client (0.4.2)
      quantile (~> 0.2.0)
    quantile (0.2.0)

PLATFORMS
  ruby

DEPENDENCIES
  prometheus-client (~> 0.4.2)

BUNDLED WITH
   1.15.1
